PATH
  remote: ../mini_rails
  specs:
    mini_rails (0.0.3)
      puma
      rack
      rack-test

GEM
  remote: https://rubygems.org/
  specs:
    byebug (11.1.3)
    nio4r (2.5.8)
    puma (5.6.4)
      nio4r (~> 2.0)
    rack (2.2.3)
    rack-test (1.1.0)
      rack (>= 1.0, < 3)

PLATFORMS
  x86_64-darwin-17

DEPENDENCIES
  byebug
  mini_rails!

RUBY VERSION
   ruby 3.0.1p64

BUNDLED WITH
   2.2.15
